GEM
  remote: http://rubygems.org/
  specs:
    childprocess (0.2.2)
      ffi (~> 1.0.6)
    colorize (0.5.8)
    diff-lcs (1.1.3)
    ffi (1.0.9)
    gherkin (2.5.4)
      json (>= 1.4.6)
    headless (0.2.2)
    json (1.6.1)
    json_pure (1.6.1)
    rake (0.9.2.2)
    rspec (2.7.0)
      rspec-core (~> 2.7.0)
      rspec-expectations (~> 2.7.0)
      rspec-mocks (~> 2.7.0)
    rspec-core (2.7.1)
    rspec-expectations (2.7.0)
      diff-lcs (~> 1.1.2)
    rspec-mocks (2.7.0)
    rubyzip (0.9.4)
    selenium-webdriver (2.10.0)
      childprocess (>= 0.2.1)
      ffi (= 1.0.9)
      json_pure
      rubyzip
    spinach (0.1.5.3)
      colorize
      gherkin
    watir-page-helper (0.4.0)
      watir-webdriver (>= 0.2.0)
    watir-webdriver (0.3.5)
      selenium-webdriver (>= 0.2.2)

PLATFORMS
  ruby

DEPENDENCIES
  headless (> 0)
  rake
  rspec (> 0)
  spinach (> 0)
  watir
  watir-page-helper (> 0)
  watir-webdriver (> 0)
